PATH
  remote: ..
  specs:
    shopify-sinatra-app (1.1.1)
      activesupport
      attr_encrypted (>= 3.1, < 4.1)
      omniauth (>= 2.0.4)
      omniauth-shopify-oauth2 (>= 2.3.2)
      shopify_api (>= 7.0.1, < 12.6)
      sinatra (>= 2.2, < 3.1)
      sinatra-activerecord (~> 2.0.9)

GEM
  remote: https://rubygems.org/
  specs:
    activemodel (6.1.7)
      activesupport (= 6.1.7)
    activemodel-serializers-xml (1.0.2)
      activemodel (> 5.x)
      activesupport (> 5.x)
      builder (~> 3.1)
    activerecord (6.1.7)
      activemodel (= 6.1.7)
      activesupport (= 6.1.7)
    activeresource (6.0.0)
      activemodel (>= 6.0)
      activemodel-serializers-xml (~> 1.0)
      activesupport (>= 6.0)
    activesupport (6.1.7)
      concurrent-ruby (~> 1.0, >= 1.0.2)
      i18n (>= 1.6, < 2)
      minitest (>= 5.1)
      tzinfo (~> 2.0)
      zeitwerk (~> 2.3)
    attr_encrypted (3.1.0)
      encryptor (~> 3.0.0)
    builder (3.2.4)
    byebug (11.1.3)
    concurrent-ruby (1.1.10)
    encryptor (3.0.0)
    fakeweb (1.3.0)
    faraday (2.7.2)
      faraday-net_http (>= 2.0, < 3.1)
      ruby2_keywords (>= 0.0.4)
    faraday-net_http (3.0.2)
    graphql (2.0.15)
    graphql-client (0.18.0)
      activesupport (>= 3.0)
      graphql
    hashie (5.0.0)
    i18n (1.12.0)
      concurrent-ruby (~> 1.0)
    jwt (2.5.0)
    minitest (5.16.3)
    mocha (1.15.0)
    multi_xml (0.6.0)
    mustermann (2.0.2)
      ruby2_keywords (~> 0.0.1)
    oauth2 (2.0.9)
      faraday (>= 0.17.3, < 3.0)
      jwt (>= 1.0, < 3.0)
      multi_xml (~> 0.5)
      rack (>= 1.2, < 4)
      snaky_hash (~> 2.0)
      version_gem (~> 1.1)
    omniauth (2.1.0)
      hashie (>= 3.4.6)
      rack (>= 2.2.3)
      rack-protection
    omniauth-oauth2 (1.8.0)
      oauth2 (>= 1.4, < 3)
      omniauth (~> 2.0)
    omniauth-shopify-oauth2 (2.3.2)
      activesupport
      omniauth-oauth2 (~> 1.5)
    pg (1.4.3)
    rack (2.2.6.4)
    rack-protection (2.2.4)
      rack
    rack-test (2.0.2)
      rack (>= 1.3)
    rake (13.0.6)
    ruby2_keywords (0.0.5)
    shopify_api (9.5.1)
      activeresource (>= 4.1.0)
      graphql-client
      rack
    sinatra (2.2.4)
      mustermann (~> 2.0)
      rack (~> 2.2)
      rack-protection (= 2.2.4)
      tilt (~> 2.0)
    sinatra-activerecord (2.0.26)
      activerecord (>= 4.1)
      sinatra (>= 1.0)
    sinatra-flash (0.3.0)
      sinatra (>= 1.0.0)
    snaky_hash (2.0.1)
      hashie
      version_gem (~> 1.1, >= 1.1.1)
    sqlite3 (1.5.1-x86_64-linux)
    tilt (2.0.11)
    tzinfo (2.0.5)
      concurrent-ruby (~> 1.0)
    version_gem (1.1.1)
    zeitwerk (2.6.1)

PLATFORMS
  x86_64-linux

DEPENDENCIES
  byebug
  fakeweb
  minitest
  mocha
  pg
  rack-test
  rake (>= 12.3.3)
  shopify-sinatra-app!
  sinatra-activerecord
  sinatra-flash
  sqlite3

RUBY VERSION
   ruby 2.7.7p221

BUNDLED WITH
   2.4.12
