PATH
  remote: .
  specs:
    shopify-sinatra-app (1.1.1)
      activesupport
      attr_encrypted (>= 3.1, < 4.1)
      omniauth (>= 2.0.4)
      omniauth-shopify-oauth2 (>= 2.3.2)
      shopify_api (>= 7.0.1, < 12.6)
      sinatra (>= 2.2, < 3.1)
      sinatra-activerecord (~> 2.0.9)

GEM
  remote: https://rubygems.org/
  specs:
    activemodel (7.0.4.3)
      activesupport (= 7.0.4.3)
    activerecord (7.0.4.3)
      activemodel (= 7.0.4.3)
      activesupport (= 7.0.4.3)
    activesupport (7.0.4.3)
      concurrent-ruby (~> 1.0, >= 1.0.2)
      i18n (>= 1.6, < 2)
      minitest (>= 5.1)
      tzinfo (~> 2.0)
    attr_encrypted (4.0.0)
      encryptor (~> 3.0.0)
    concurrent-ruby (1.2.2)
    encryptor (3.0.0)
    fakeweb (1.3.0)
    faraday (2.5.2)
      faraday-net_http (>= 2.0, < 3.1)
      ruby2_keywords (>= 0.0.4)
    faraday-net_http (3.0.0)
    hash_diff (1.1.1)
    hashie (5.0.0)
    httparty (0.21.0)
      mini_mime (>= 1.0.0)
      multi_xml (>= 0.5.2)
    i18n (1.12.0)
      concurrent-ruby (~> 1.0)
    jwt (2.5.0)
    mini_mime (1.1.2)
    minitest (5.16.3)
    mocha (2.0.2)
      ruby2_keywords (>= 0.0.5)
    multi_xml (0.6.0)
    mustermann (3.0.0)
      ruby2_keywords (~> 0.0.1)
    oauth2 (2.0.9)
      faraday (>= 0.17.3, < 3.0)
      jwt (>= 1.0, < 3.0)
      multi_xml (~> 0.5)
      rack (>= 1.2, < 4)
      snaky_hash (~> 2.0)
      version_gem (~> 1.1)
    oj (3.14.3)
    omniauth (2.1.0)
      hashie (>= 3.4.6)
      rack (>= 2.2.3)
      rack-protection
    omniauth-oauth2 (1.8.0)
      oauth2 (>= 1.4, < 3)
      omniauth (~> 2.0)
    omniauth-shopify-oauth2 (2.3.2)
      activesupport
      omniauth-oauth2 (~> 1.5)
    openssl (3.1.0)
    rack (2.2.6.4)
    rack-protection (3.0.6)
      rack
    rack-test (2.0.2)
      rack (>= 1.3)
    rake (13.0.6)
    ruby2_keywords (0.0.5)
    securerandom (0.2.2)
    shopify_api (12.5.0)
      activesupport
      concurrent-ruby
      hash_diff
      httparty
      jwt
      oj
      openssl
      securerandom
      sorbet-runtime
      zeitwerk (~> 2.5, < 2.6.5)
    sinatra (3.0.6)
      mustermann (~> 3.0)
      rack (~> 2.2, >= 2.2.4)
      rack-protection (= 3.0.6)
      tilt (~> 2.0)
    sinatra-activerecord (2.0.26)
      activerecord (>= 4.1)
      sinatra (>= 1.0)
    snaky_hash (2.0.1)
      hashie
      version_gem (~> 1.1, >= 1.1.1)
    sorbet-runtime (0.5.10771)
    sqlite3 (1.6.2-x86_64-linux)
    tilt (2.1.0)
    tzinfo (2.0.6)
      concurrent-ruby (~> 1.0)
    version_gem (1.1.1)
    zeitwerk (2.6.4)

PLATFORMS
  x86_64-linux

DEPENDENCIES
  fakeweb
  minitest
  mocha
  rack-test
  rake (>= 12.3.3)
  shopify-sinatra-app!
  sqlite3

BUNDLED WITH
   2.4.12
